NUGET
  remote: https://api.nuget.org/v3/index.json
    FSharp.Control.AsyncSeq (2.0.21) - restriction: >= net471
      FSharp.Core (>= 3.1.2) - restriction: >= net45
    FSharp.Core (4.6.1) - restriction: >= net471
    FSharpx.Async (1.13.2) - restriction: >= net471
      FSharp.Control.AsyncSeq
      FSharp.Core
    FSharpx.Collections (1.17) - restriction: >= net471
      FSharp.Core
    FSharpx.Extras (2.2.1) - restriction: >= net471
      FSharpx.Async
      FSharpx.Collections
    System.ValueTuple (4.5) - restriction: >= net471
    xunit (2.4.1) - restriction: >= net471
      xunit.analyzers (>= 0.10)
      xunit.assert (2.4.1)
      xunit.core (2.4.1)
    xunit.abstractions (2.0.3) - restriction: >= net471
    xunit.analyzers (0.10) - restriction: >= net471
    xunit.assert (2.4.1) - restriction: >= net471
    xunit.core (2.4.1) - restriction: >= net471
      xunit.extensibility.core (2.4.1)
      xunit.extensibility.execution (2.4.1)
    xunit.extensibility.core (2.4.1) - restriction: >= net471
      xunit.abstractions (>= 2.0.3) - restriction: >= netstandard1.1
    xunit.extensibility.execution (2.4.1) - restriction: >= net471
      xunit.extensibility.core (2.4.1) - restriction: >= netstandard1.1
    xunit.runner.console (2.4.1) - restriction: >= net471
    xunit.runner.visualstudio (2.4.1) - restriction: >= net471
