NUGET
  remote: https://api.nuget.org/v3/index.json
    FSharp.Control.AsyncSeq (2.0.21) - restriction: >= net472
      FSharp.Core (>= 3.1.2) - restriction: >= net45
    FSharp.Core (4.7) - restriction: >= net472
    FSharpx.Async (1.14.1) - restriction: >= net472
      FSharp.Control.AsyncSeq (>= 2.0.21) - restriction: || (>= net452) (>= netstandard2.0)
      FSharp.Core (>= 4.6.2) - restriction: || (>= net452) (>= netstandard2.0)
    FSharpx.Collections (2.0) - restriction: >= net472
    FSharpx.Extras (2.2.1) - restriction: >= net472
      FSharpx.Async
      FSharpx.Collections
    System.ValueTuple (4.5) - restriction: >= net472
    xunit (2.4.1) - restriction: >= net472
      xunit.analyzers (>= 0.10)
      xunit.assert (2.4.1)
      xunit.core (2.4.1)
    xunit.abstractions (2.0.3) - restriction: >= net472
    xunit.analyzers (0.10) - restriction: >= net472
    xunit.assert (2.4.1) - restriction: >= net472
    xunit.core (2.4.1) - restriction: >= net472
      xunit.extensibility.core (2.4.1)
      xunit.extensibility.execution (2.4.1)
    xunit.extensibility.core (2.4.1) - restriction: >= net472
      xunit.abstractions (>= 2.0.3) - restriction: >= netstandard1.1
    xunit.extensibility.execution (2.4.1) - restriction: >= net472
      xunit.extensibility.core (2.4.1) - restriction: >= netstandard1.1
    xunit.runner.console (2.4.1) - restriction: >= net472
    xunit.runner.visualstudio (2.4.1) - restriction: >= net472
